GEM
  remote: http://rubygems.org/
  specs:
    rack (1.4.0)
    rdiscount (1.6.8)
    stringex (1.3.0)

PLATFORMS
  ruby

DEPENDENCIES
  rack
  rdiscount
  stringex
